PATH
  remote: .
  specs:
    loady (0.2.0)

GEM
  remote: http://rubygems.org/
  specs:
    shoulda (2.11.3)
    test-unit (2.1.2)

PLATFORMS
  ruby

DEPENDENCIES
  loady!
  shoulda
  test-unit
