PATH
  remote: .
  specs:
    loady (0.3.0)

GEM
  remote: http://rubygems.org/
  specs:
    rake (0.9.2.2)
    shoulda (2.11.3)
    test-unit (2.1.2)

PLATFORMS
  ruby

DEPENDENCIES
  loady!
  rake
  shoulda
  test-unit
